GEM
  remote: https://rubygems.org/
  specs:
    sass (3.4.19)

PLATFORMS
  java

DEPENDENCIES
  sass

BUNDLED WITH
   1.10.6
